STORAGE: NONE
RESTRICTION: == netstandard2.0
NUGET
  remote: https://www.nuget.org/api/v2
    Fable.Core (2.0.1)
      FSharp.Core (>= 4.5.2)
    Fable.Elmish (2.0.3)
      Fable.Core (>= 2.0)
      Fable.PowerPack (>= 2.0.1)
      FSharp.Core (>= 4.5.2)
    Fable.Elmish.Browser (2.1)
      Fable.Core (>= 2.0)
      Fable.Elmish (>= 2.0)
      Fable.Import.Browser (>= 1.3)
      FSharp.Core (>= 4.5.2)
    Fable.Elmish.Debugger (2.0.2)
      Fable.Core (>= 2.0)
      Fable.Elmish (>= 2.0)
      FSharp.Core (>= 4.5.2)
    Fable.Elmish.HMR (2.1)
      Fable.Core (>= 2.0.1)
      Fable.Elmish (>= 2.0.3)
      Fable.Elmish.Browser (>= 2.1)
      Fable.Import.HMR (>= 0.1)
      FSharp.Core (>= 4.5.2)
    Fable.Elmish.React (2.0)
      Fable.Core (>= 2.0)
      Fable.Elmish (>= 2.0)
      Fable.PowerPack (>= 2.0.1)
      Fable.React (>= 4.0.1)
      FSharp.Core (>= 4.5.2)
    Fable.Import.Browser (1.3)
      Fable.Core (>= 1.3.17)
    Fable.Import.HMR (0.1)
      Fable.Core (>= 1.3.17)
    Fable.PowerPack (2.0.1)
      Fable.Core (>= 2.0)
      Fable.Import.Browser (>= 1.3)
      FSharp.Core (>= 4.5.2)
      Thoth.Json (>= 2.0)
    Fable.React (4.1.3)
      Fable.Core (>= 2.0)
      Fable.Import.Browser (>= 1.3)
      FSharp.Core (>= 4.5.2)
    FSharp.Core (4.5.2) - redirects: force
    Fulma (1.0)
      Fable.Core (>= 2.0)
      Fable.React (>= 4.0.1)
    Fulma.Extensions (1.0)
      Fable.Core (>= 2.0)
      Fable.React (>= 4.0.1)
      Fulma (>= 1.0)
    Thoth.Json (2.5)
      Fable.Core (>= 2.0)
      FSharp.Core (>= 4.5.2)

GROUP netcorebuild
STORAGE: NONE
RESTRICTION: == netstandard2.0
NUGET
  remote: https://www.nuget.org/api/v2
    BlackFox.VsWhere (0.3.2)
      FSharp.Core (>= 4.2.3)
    dotnet-fable (2.0.9) - clitool: true
    dotnet-fake (5.9.3) - clitool: true
    Fake.Core.CommandLineParsing (5.9.3)
      FParsec (>= 1.0.3)
      FSharp.Core (>= 4.3.4)
    Fake.Core.Context (5.9.3)
      FSharp.Core (>= 4.3.4)
    Fake.Core.Environment (5.9.3)
      FSharp.Core (>= 4.3.4)
    Fake.Core.FakeVar (5.9.3)
      Fake.Core.Context (>= 5.9.3)
      FSharp.Core (>= 4.3.4)
    Fake.Core.Process (5.9.3)
      Fake.Core.Environment (>= 5.9.3)
      Fake.Core.FakeVar (>= 5.9.3)
      Fake.Core.String (>= 5.9.3)
      Fake.Core.Trace (>= 5.9.3)
      Fake.IO.FileSystem (>= 5.9.3)
      FSharp.Core (>= 4.3.4)
      System.Diagnostics.Process (>= 4.3)
    Fake.Core.ReleaseNotes (5.9.3)
      Fake.Core.SemVer (>= 5.9.3)
      Fake.Core.String (>= 5.9.3)
      FSharp.Core (>= 4.3.4)
    Fake.Core.SemVer (5.9.3)
      FSharp.Core (>= 4.3.4)
      System.Runtime.Numerics (>= 4.3)
    Fake.Core.String (5.9.3)
      FSharp.Core (>= 4.3.4)
    Fake.Core.Target (5.9.3)
      Fake.Core.CommandLineParsing (>= 5.9.3)
      Fake.Core.Context (>= 5.9.3)
      Fake.Core.Environment (>= 5.9.3)
      Fake.Core.FakeVar (>= 5.9.3)
      Fake.Core.Process (>= 5.9.3)
      Fake.Core.String (>= 5.9.3)
      Fake.Core.Trace (>= 5.9.3)
      FSharp.Control.Reactive (>= 4.1)
      FSharp.Core (>= 4.3.4)
      System.Reactive.Compatibility (>= 4.1.2)
    Fake.Core.Trace (5.9.3)
      Fake.Core.Environment (>= 5.9.3)
      Fake.Core.FakeVar (>= 5.9.3)
      FSharp.Core (>= 4.3.4)
    Fake.DotNet.Cli (5.9.3)
      Fake.Core.Environment (>= 5.9.3)
      Fake.Core.Process (>= 5.9.3)
      Fake.Core.String (>= 5.9.3)
      Fake.Core.Trace (>= 5.9.3)
      Fake.DotNet.MSBuild (>= 5.9.3)
      Fake.IO.FileSystem (>= 5.9.3)
      FSharp.Core (>= 4.3.4)
      Newtonsoft.Json (>= 11.0.2)
    Fake.DotNet.MSBuild (5.9.3)
      BlackFox.VsWhere (>= 0.3.1)
      Fake.Core.Environment (>= 5.9.3)
      Fake.Core.Process (>= 5.9.3)
      Fake.Core.String (>= 5.9.3)
      Fake.Core.Trace (>= 5.9.3)
      Fake.IO.FileSystem (>= 5.9.3)
      FSharp.Core (>= 4.3.4)
      MSBuild.StructuredLogger (>= 2.0.11)
    Fake.DotNet.Paket (5.9.3)
      Fake.Core.Process (>= 5.9.3)
      Fake.Core.String (>= 5.9.3)
      Fake.Core.Trace (>= 5.9.3)
      Fake.IO.FileSystem (>= 5.9.3)
      FSharp.Core (>= 4.3.4)
    Fake.IO.FileSystem (5.9.3)
      Fake.Core.String (>= 5.9.3)
      FSharp.Core (>= 4.3.4)
      System.Diagnostics.FileVersionInfo (>= 4.3)
      System.IO.FileSystem.Watcher (>= 4.3)
    Fake.JavaScript.Yarn (5.9.3)
      Fake.Core.Environment (>= 5.9.3)
      Fake.Core.Process (>= 5.9.3)
      FSharp.Core (>= 4.3.4)
    Fake.Tools.Git (5.9.3)
      Fake.Core.Environment (>= 5.9.3)
      Fake.Core.Process (>= 5.9.3)
      Fake.Core.SemVer (>= 5.9.3)
      Fake.Core.String (>= 5.9.3)
      Fake.Core.Trace (>= 5.9.3)
      Fake.IO.FileSystem (>= 5.9.3)
      FSharp.Core (>= 4.3.4)
    FParsec (1.0.3)
      FSharp.Core (>= 4.2.3)
      NETStandard.Library (>= 1.6.1)
    FSharp.Control.Reactive (4.1)
      FSharp.Core (>= 4.2.3)
      System.Reactive (>= 4.0)
    FSharp.Core (4.5.2)
    Microsoft.Build (15.8.166)
      Microsoft.Build.Framework (>= 15.8.166)
      Microsoft.Win32.Registry (>= 4.3)
      System.Collections.Immutable (>= 1.5)
      System.Diagnostics.TraceSource (>= 4.0)
      System.IO.Compression (>= 4.3)
      System.Reflection.Metadata (>= 1.6)
      System.Reflection.TypeExtensions (>= 4.1)
      System.Runtime.InteropServices.RuntimeInformation (>= 4.3)
      System.Runtime.Loader (>= 4.0)
      System.Text.Encoding.CodePages (>= 4.0.1)
      System.Threading.Tasks.Dataflow (>= 4.6)
    Microsoft.Build.Framework (15.8.166)
      System.Runtime.Serialization.Primitives (>= 4.1.1)
      System.Threading.Thread (>= 4.0)
    Microsoft.Build.Tasks.Core (15.8.166)
      Microsoft.Build.Framework (>= 15.8.166)
      Microsoft.Build.Utilities.Core (>= 15.8.166)
      Microsoft.Win32.Registry (>= 4.3)
      System.CodeDom (>= 4.4)
      System.Collections.Immutable (>= 1.5)
      System.Linq.Parallel (>= 4.0.1)
      System.Net.Http (>= 4.3)
      System.Reflection.Metadata (>= 1.6)
      System.Reflection.TypeExtensions (>= 4.1)
      System.Resources.Writer (>= 4.0)
      System.Threading.Tasks.Dataflow (>= 4.6)
    Microsoft.Build.Utilities.Core (15.8.166)
      Microsoft.Build.Framework (>= 15.8.166)
      Microsoft.Win32.Registry (>= 4.3)
      System.Collections.Immutable (>= 1.5)
      System.Runtime.InteropServices.RuntimeInformation (>= 4.3)
      System.Text.Encoding.CodePages (>= 4.4)
    Microsoft.NETCore.Platforms (2.1.1)
    Microsoft.NETCore.Targets (2.1)
    Microsoft.Win32.Primitives (4.3)
      Microsoft.NETCore.Platforms (>= 1.1)
      Microsoft.NETCore.Targets (>= 1.1)
      System.Runtime (>= 4.3)
    Microsoft.Win32.Registry (4.5)
      System.Buffers (>= 4.4)
      System.Memory (>= 4.5)
      System.Security.AccessControl (>= 4.5)
      System.Security.Principal.Windows (>= 4.5)
    MSBuild.StructuredLogger (2.0.11)
      Microsoft.Build (>= 15.8.166)
      Microsoft.Build.Framework (>= 15.8.166)
      Microsoft.Build.Tasks.Core (>= 15.8.166)
      Microsoft.Build.Utilities.Core (>= 15.8.166)
    NETStandard.Library (2.0.3)
      Microsoft.NETCore.Platforms (>= 1.1)
    NETStandard.Library.NETFramework (2.0.0-preview2-25405-01)
    Newtonsoft.Json (11.0.2)
    runtime.debian.8-x64.runtime.native.System.Security.Cryptography.OpenSsl (4.3.3)
    runtime.debian.9-x64.runtime.native.System.Security.Cryptography.OpenSsl (4.3.3)
    runtime.fedora.23-x64.runtime.native.System.Security.Cryptography.OpenSsl (4.3.3)
    runtime.fedora.24-x64.runtime.native.System.Security.Cryptography.OpenSsl (4.3.3)
    runtime.fedora.27-x64.runtime.native.System.Security.Cryptography.OpenSsl (4.3.3)
    runtime.fedora.28-x64.runtime.native.System.Security.Cryptography.OpenSsl (4.3.3)
    runtime.native.System (4.3.1)
      Microsoft.NETCore.Platforms (>= 1.1.1)
      Microsoft.NETCore.Targets (>= 1.1.3)
    runtime.native.System.IO.Compression (4.3.2)
      Microsoft.NETCore.Platforms (>= 1.1.1)
      Microsoft.NETCore.Targets (>= 1.1.3)
    runtime.native.System.Net.Http (4.3.1)
      Microsoft.NETCore.Platforms (>= 1.1.1)
      Microsoft.NETCore.Targets (>= 1.1.3)
    runtime.native.System.Security.Cryptography.Apple (4.3.1)
      runtime.osx.10.10-x64.runtime.native.System.Security.Cryptography.Apple (>= 4.3.1)
    runtime.native.System.Security.Cryptography.OpenSsl (4.3.3)
      runtime.debian.8-x64.runtime.native.System.Security.Cryptography.OpenSsl (>= 4.3.3)
      runtime.debian.9-x64.runtime.native.System.Security.Cryptography.OpenSsl (>= 4.3.3)
      runtime.fedora.23-x64.runtime.native.System.Security.Cryptography.OpenSsl (>= 4.3.3)
      runtime.fedora.24-x64.runtime.native.System.Security.Cryptography.OpenSsl (>= 4.3.3)
      runtime.fedora.27-x64.runtime.native.System.Security.Cryptography.OpenSsl (>= 4.3.3)
      runtime.fedora.28-x64.runtime.native.System.Security.Cryptography.OpenSsl (>= 4.3.3)
      runtime.opensuse.13.2-x64.runtime.native.System.Security.Cryptography.OpenSsl (>= 4.3.3)
      runtime.opensuse.42.1-x64.runtime.native.System.Security.Cryptography.OpenSsl (>= 4.3.3)
      runtime.opensuse.42.3-x64.runtime.native.System.Security.Cryptography.OpenSsl (>= 4.3.3)
      runtime.osx.10.10-x64.runtime.native.System.Security.Cryptography.OpenSsl (>= 4.3.3)
      runtime.rhel.7-x64.runtime.native.System.Security.Cryptography.OpenSsl (>= 4.3.3)
      runtime.ubuntu.14.04-x64.runtime.native.System.Security.Cryptography.OpenSsl (>= 4.3.3)
      runtime.ubuntu.16.04-x64.runtime.native.System.Security.Cryptography.OpenSsl (>= 4.3.3)
      runtime.ubuntu.16.10-x64.runtime.native.System.Security.Cryptography.OpenSsl (>= 4.3.3)
      runtime.ubuntu.18.04-x64.runtime.native.System.Security.Cryptography.OpenSsl (>= 4.3.3)
    runtime.opensuse.13.2-x64.runtime.native.System.Security.Cryptography.OpenSsl (4.3.3)
    runtime.opensuse.42.1-x64.runtime.native.System.Security.Cryptography.OpenSsl (4.3.3)
    runtime.opensuse.42.3-x64.runtime.native.System.Security.Cryptography.OpenSsl (4.3.3)
    runtime.osx.10.10-x64.runtime.native.System.Security.Cryptography.Apple (4.3.1)
    runtime.osx.10.10-x64.runtime.native.System.Security.Cryptography.OpenSsl (4.3.3)
    runtime.rhel.7-x64.runtime.native.System.Security.Cryptography.OpenSsl (4.3.3)
    runtime.ubuntu.14.04-x64.runtime.native.System.Security.Cryptography.OpenSsl (4.3.3)
    runtime.ubuntu.16.04-x64.runtime.native.System.Security.Cryptography.OpenSsl (4.3.3)
    runtime.ubuntu.16.10-x64.runtime.native.System.Security.Cryptography.OpenSsl (4.3.3)
    runtime.ubuntu.18.04-x64.runtime.native.System.Security.Cryptography.OpenSsl (4.3.3)
    System.Buffers (4.5)
    System.CodeDom (4.5)
    System.Collections (4.3)
      Microsoft.NETCore.Platforms (>= 1.1)
      Microsoft.NETCore.Targets (>= 1.1)
      System.Runtime (>= 4.3)
    System.Collections.Concurrent (4.3)
      System.Collections (>= 4.3)
      System.Diagnostics.Debug (>= 4.3)
      System.Diagnostics.Tracing (>= 4.3)
      System.Globalization (>= 4.3)
      System.Reflection (>= 4.3)
      System.Resources.ResourceManager (>= 4.3)
      System.Runtime (>= 4.3)
      System.Runtime.Extensions (>= 4.3)
      System.Threading (>= 4.3)
      System.Threading.Tasks (>= 4.3)
    System.Collections.Immutable (1.5)
    System.Diagnostics.Debug (4.3)
      Microsoft.NETCore.Platforms (>= 1.1)
      Microsoft.NETCore.Targets (>= 1.1)
      System.Runtime (>= 4.3)
    System.Diagnostics.DiagnosticSource (4.5.1)
    System.Diagnostics.FileVersionInfo (4.3)
      Microsoft.NETCore.Platforms (>= 1.1)
      System.Globalization (>= 4.3)
      System.IO (>= 4.3)
      System.IO.FileSystem (>= 4.3)
      System.IO.FileSystem.Primitives (>= 4.3)
      System.Reflection.Metadata (>= 1.4.1)
      System.Runtime (>= 4.3)
      System.Runtime.Extensions (>= 4.3)
      System.Runtime.InteropServices (>= 4.3)
    System.Diagnostics.Process (4.3)
      Microsoft.NETCore.Platforms (>= 1.1)
      Microsoft.Win32.Primitives (>= 4.3)
      Microsoft.Win32.Registry (>= 4.3)
      runtime.native.System (>= 4.3)
      System.Collections (>= 4.3)
      System.Diagnostics.Debug (>= 4.3)
      System.Globalization (>= 4.3)
      System.IO (>= 4.3)
      System.IO.FileSystem (>= 4.3)
      System.IO.FileSystem.Primitives (>= 4.3)
      System.Resources.ResourceManager (>= 4.3)
      System.Runtime (>= 4.3)
      System.Runtime.Extensions (>= 4.3)
      System.Runtime.Handles (>= 4.3)
      System.Runtime.InteropServices (>= 4.3)
      System.Text.Encoding (>= 4.3)
      System.Text.Encoding.Extensions (>= 4.3)
      System.Threading (>= 4.3)
      System.Threading.Tasks (>= 4.3)
      System.Threading.Thread (>= 4.3)
      System.Threading.ThreadPool (>= 4.3)
    System.Diagnostics.TraceSource (4.3)
      Microsoft.NETCore.Platforms (>= 1.1)
      runtime.native.System (>= 4.3)
      System.Collections (>= 4.3)
      System.Diagnostics.Debug (>= 4.3)
      System.Globalization (>= 4.3)
      System.Resources.ResourceManager (>= 4.3)
      System.Runtime (>= 4.3)
      System.Runtime.Extensions (>= 4.3)
      System.Threading (>= 4.3)
    System.Diagnostics.Tracing (4.3)
      Microsoft.NETCore.Platforms (>= 1.1)
      Microsoft.NETCore.Targets (>= 1.1)
      System.Runtime (>= 4.3)
    System.Globalization (4.3)
      Microsoft.NETCore.Platforms (>= 1.1)
      Microsoft.NETCore.Targets (>= 1.1)
      System.Runtime (>= 4.3)
    System.Globalization.Calendars (4.3)
      Microsoft.NETCore.Platforms (>= 1.1)
      Microsoft.NETCore.Targets (>= 1.1)
      System.Globalization (>= 4.3)
      System.Runtime (>= 4.3)
    System.Globalization.Extensions (4.3)
      Microsoft.NETCore.Platforms (>= 1.1)
      System.Globalization (>= 4.3)
      System.Resources.ResourceManager (>= 4.3)
      System.Runtime (>= 4.3)
      System.Runtime.Extensions (>= 4.3)
      System.Runtime.InteropServices (>= 4.3)
    System.IO (4.3)
      Microsoft.NETCore.Platforms (>= 1.1)
      Microsoft.NETCore.Targets (>= 1.1)
      System.Runtime (>= 4.3)
      System.Text.Encoding (>= 4.3)
      System.Threading.Tasks (>= 4.3)
    System.IO.Compression (4.3)
      Microsoft.NETCore.Platforms (>= 1.1)
      runtime.native.System (>= 4.3)
      runtime.native.System.IO.Compression (>= 4.3)
      System.Buffers (>= 4.3)
      System.Collections (>= 4.3)
      System.Diagnostics.Debug (>= 4.3)
      System.IO (>= 4.3)
      System.Resources.ResourceManager (>= 4.3)
      System.Runtime (>= 4.3)
      System.Runtime.Extensions (>= 4.3)
      System.Runtime.Handles (>= 4.3)
      System.Runtime.InteropServices (>= 4.3)
      System.Text.Encoding (>= 4.3)
      System.Threading (>= 4.3)
      System.Threading.Tasks (>= 4.3)
    System.IO.FileSystem (4.3)
      Microsoft.NETCore.Platforms (>= 1.1)
      Microsoft.NETCore.Targets (>= 1.1)
      System.IO (>= 4.3)
      System.IO.FileSystem.Primitives (>= 4.3)
      System.Runtime (>= 4.3)
      System.Runtime.Handles (>= 4.3)
      System.Text.Encoding (>= 4.3)
      System.Threading.Tasks (>= 4.3)
    System.IO.FileSystem.Primitives (4.3)
      System.Runtime (>= 4.3)
    System.IO.FileSystem.Watcher (4.3)
      Microsoft.NETCore.Platforms (>= 1.1)
      Microsoft.Win32.Primitives (>= 4.3)
      runtime.native.System (>= 4.3)
      System.Collections (>= 4.3)
      System.IO.FileSystem (>= 4.3)
      System.IO.FileSystem.Primitives (>= 4.3)
      System.Resources.ResourceManager (>= 4.3)
      System.Runtime (>= 4.3)
      System.Runtime.Extensions (>= 4.3)
      System.Runtime.Handles (>= 4.3)
      System.Runtime.InteropServices (>= 4.3)
      System.Text.Encoding (>= 4.3)
      System.Threading (>= 4.3)
      System.Threading.Overlapped (>= 4.3)
      System.Threading.Tasks (>= 4.3)
      System.Threading.Thread (>= 4.3)
    System.Linq (4.3)
      System.Collections (>= 4.3)
      System.Diagnostics.Debug (>= 4.3)
      System.Resources.ResourceManager (>= 4.3)
      System.Runtime (>= 4.3)
      System.Runtime.Extensions (>= 4.3)
    System.Linq.Parallel (4.3)
      System.Collections (>= 4.3)
      System.Collections.Concurrent (>= 4.3)
      System.Diagnostics.Debug (>= 4.3)
      System.Diagnostics.Tracing (>= 4.3)
      System.Linq (>= 4.3)
      System.Resources.ResourceManager (>= 4.3)
      System.Runtime (>= 4.3)
      System.Runtime.Extensions (>= 4.3)
      System.Threading (>= 4.3)
      System.Threading.Tasks (>= 4.3)
    System.Memory (4.5.1)
      System.Buffers (>= 4.4)
      System.Numerics.Vectors (>= 4.4)
      System.Runtime.CompilerServices.Unsafe (>= 4.5)
    System.Net.Http (4.3.4)
      Microsoft.NETCore.Platforms (>= 1.1.1)
      runtime.native.System (>= 4.3)
      runtime.native.System.Net.Http (>= 4.3)
      runtime.native.System.Security.Cryptography.OpenSsl (>= 4.3.2)
      System.Collections (>= 4.3)
      System.Diagnostics.Debug (>= 4.3)
      System.Diagnostics.DiagnosticSource (>= 4.3)
      System.Diagnostics.Tracing (>= 4.3)
      System.Globalization (>= 4.3)
      System.Globalization.Extensions (>= 4.3)
      System.IO (>= 4.3)
      System.IO.FileSystem (>= 4.3)
      System.Net.Primitives (>= 4.3)
      System.Resources.ResourceManager (>= 4.3)
      System.Runtime (>= 4.3)
      System.Runtime.Extensions (>= 4.3)
      System.Runtime.Handles (>= 4.3)
      System.Runtime.InteropServices (>= 4.3)
      System.Security.Cryptography.Algorithms (>= 4.3)
      System.Security.Cryptography.Encoding (>= 4.3)
      System.Security.Cryptography.OpenSsl (>= 4.3)
      System.Security.Cryptography.Primitives (>= 4.3)
      System.Security.Cryptography.X509Certificates (>= 4.3)
      System.Text.Encoding (>= 4.3)
      System.Threading (>= 4.3)
      System.Threading.Tasks (>= 4.3)
    System.Net.Primitives (4.3)
      Microsoft.NETCore.Platforms (>= 1.1)
      Microsoft.NETCore.Targets (>= 1.1)
      System.Runtime (>= 4.3)
      System.Runtime.Handles (>= 4.3)
    System.Numerics.Vectors (4.5)
    System.Reactive (4.1.2)
      System.Runtime.InteropServices.WindowsRuntime (>= 4.3)
      System.Threading.Tasks.Extensions (>= 4.5.1)
    System.Reactive.Compatibility (4.1.2)
      System.Reactive.Core (>= 4.1.2)
      System.Reactive.Interfaces (>= 4.1.2)
      System.Reactive.Linq (>= 4.1.2)
      System.Reactive.PlatformServices (>= 4.1.2)
      System.Reactive.Providers (>= 4.1.2)
    System.Reactive.Core (4.1.2)
      System.Reactive (>= 4.1.2)
      System.Threading.Tasks.Extensions (>= 4.5.1)
    System.Reactive.Interfaces (4.1.2)
      System.Reactive (>= 4.1.2)
      System.Threading.Tasks.Extensions (>= 4.5.1)
    System.Reactive.Linq (4.1.2)
      System.Reactive (>= 4.1.2)
      System.Threading.Tasks.Extensions (>= 4.5.1)
    System.Reactive.PlatformServices (4.1.2)
      System.Reactive (>= 4.1.2)
      System.Threading.Tasks.Extensions (>= 4.5.1)
    System.Reactive.Providers (4.1.2)
      System.Reactive (>= 4.1.2)
      System.Threading.Tasks.Extensions (>= 4.5.1)
    System.Reflection (4.3)
      Microsoft.NETCore.Platforms (>= 1.1)
      Microsoft.NETCore.Targets (>= 1.1)
      System.IO (>= 4.3)
      System.Reflection.Primitives (>= 4.3)
      System.Runtime (>= 4.3)
    System.Reflection.Extensions (4.3)
      Microsoft.NETCore.Platforms (>= 1.1)
      Microsoft.NETCore.Targets (>= 1.1)
      System.Reflection (>= 4.3)
      System.Runtime (>= 4.3)
    System.Reflection.Metadata (1.6)
      System.Collections.Immutable (>= 1.5)
    System.Reflection.Primitives (4.3)
      Microsoft.NETCore.Platforms (>= 1.1)
      Microsoft.NETCore.Targets (>= 1.1)
      System.Runtime (>= 4.3)
    System.Reflection.TypeExtensions (4.5.1)
    System.Resources.ResourceManager (4.3)
      Microsoft.NETCore.Platforms (>= 1.1)
      Microsoft.NETCore.Targets (>= 1.1)
      System.Globalization (>= 4.3)
      System.Reflection (>= 4.3)
      System.Runtime (>= 4.3)
    System.Resources.Writer (4.3)
      System.Collections (>= 4.3)
      System.IO (>= 4.3)
      System.Resources.ResourceManager (>= 4.3)
      System.Runtime (>= 4.3)
      System.Runtime.Extensions (>= 4.3)
      System.Text.Encoding (>= 4.3)
    System.Runtime (4.3)
      Microsoft.NETCore.Platforms (>= 1.1)
      Microsoft.NETCore.Targets (>= 1.1)
    System.Runtime.CompilerServices.Unsafe (4.5.2)
    System.Runtime.Extensions (4.3)
      Microsoft.NETCore.Platforms (>= 1.1)
      Microsoft.NETCore.Targets (>= 1.1)
      System.Runtime (>= 4.3)
    System.Runtime.Handles (4.3)
      Microsoft.NETCore.Platforms (>= 1.1)
      Microsoft.NETCore.Targets (>= 1.1)
      System.Runtime (>= 4.3)
    System.Runtime.InteropServices (4.3)
      Microsoft.NETCore.Platforms (>= 1.1)
      Microsoft.NETCore.Targets (>= 1.1)
      System.Reflection (>= 4.3)
      System.Reflection.Primitives (>= 4.3)
      System.Runtime (>= 4.3)
      System.Runtime.Handles (>= 4.3)
    System.Runtime.InteropServices.RuntimeInformation (4.3)
      runtime.native.System (>= 4.3)
      System.Reflection (>= 4.3)
      System.Reflection.Extensions (>= 4.3)
      System.Resources.ResourceManager (>= 4.3)
      System.Runtime (>= 4.3)
      System.Runtime.InteropServices (>= 4.3)
      System.Threading (>= 4.3)
    System.Runtime.InteropServices.WindowsRuntime (4.3)
      System.Runtime (>= 4.3)
    System.Runtime.Loader (4.3)
      System.IO (>= 4.3)
      System.Reflection (>= 4.3)
      System.Runtime (>= 4.3)
    System.Runtime.Numerics (4.3)
      System.Globalization (>= 4.3)
      System.Resources.ResourceManager (>= 4.3)
      System.Runtime (>= 4.3)
      System.Runtime.Extensions (>= 4.3)
    System.Runtime.Serialization.Primitives (4.3)
      System.Resources.ResourceManager (>= 4.3)
      System.Runtime (>= 4.3)
    System.Security.AccessControl (4.5)
      System.Security.Principal.Windows (>= 4.5)
    System.Security.Cryptography.Algorithms (4.3.1)
      Microsoft.NETCore.Platforms (>= 1.1)
      runtime.native.System.Security.Cryptography.Apple (>= 4.3.1)
      runtime.native.System.Security.Cryptography.OpenSsl (>= 4.3.2)
      System.Collections (>= 4.3)
      System.IO (>= 4.3)
      System.Resources.ResourceManager (>= 4.3)
      System.Runtime (>= 4.3)
      System.Runtime.Extensions (>= 4.3)
      System.Runtime.Handles (>= 4.3)
      System.Runtime.InteropServices (>= 4.3)
      System.Runtime.Numerics (>= 4.3)
      System.Security.Cryptography.Encoding (>= 4.3)
      System.Security.Cryptography.Primitives (>= 4.3)
      System.Text.Encoding (>= 4.3)
    System.Security.Cryptography.Cng (4.5)
    System.Security.Cryptography.Csp (4.3)
      Microsoft.NETCore.Platforms (>= 1.1)
      System.IO (>= 4.3)
      System.Reflection (>= 4.3)
      System.Resources.ResourceManager (>= 4.3)
      System.Runtime (>= 4.3)
      System.Runtime.Extensions (>= 4.3)
      System.Runtime.Handles (>= 4.3)
      System.Runtime.InteropServices (>= 4.3)
      System.Security.Cryptography.Algorithms (>= 4.3)
      System.Security.Cryptography.Encoding (>= 4.3)
      System.Security.Cryptography.Primitives (>= 4.3)
      System.Text.Encoding (>= 4.3)
      System.Threading (>= 4.3)
    System.Security.Cryptography.Encoding (4.3)
      Microsoft.NETCore.Platforms (>= 1.1)
      runtime.native.System.Security.Cryptography.OpenSsl (>= 4.3)
      System.Collections (>= 4.3)
      System.Collections.Concurrent (>= 4.3)
      System.Linq (>= 4.3)
      System.Resources.ResourceManager (>= 4.3)
      System.Runtime (>= 4.3)
      System.Runtime.Extensions (>= 4.3)
      System.Runtime.Handles (>= 4.3)
      System.Runtime.InteropServices (>= 4.3)
      System.Security.Cryptography.Primitives (>= 4.3)
      System.Text.Encoding (>= 4.3)
    System.Security.Cryptography.OpenSsl (4.5)
    System.Security.Cryptography.Primitives (4.3)
      System.Diagnostics.Debug (>= 4.3)
      System.Globalization (>= 4.3)
      System.IO (>= 4.3)
      System.Resources.ResourceManager (>= 4.3)
      System.Runtime (>= 4.3)
      System.Threading (>= 4.3)
      System.Threading.Tasks (>= 4.3)
    System.Security.Cryptography.X509Certificates (4.3.2)
      Microsoft.NETCore.Platforms (>= 1.1)
      runtime.native.System (>= 4.3)
      runtime.native.System.Net.Http (>= 4.3)
      runtime.native.System.Security.Cryptography.OpenSsl (>= 4.3.2)
      System.Collections (>= 4.3)
      System.Diagnostics.Debug (>= 4.3)
      System.Globalization (>= 4.3)
      System.Globalization.Calendars (>= 4.3)
      System.IO (>= 4.3)
      System.IO.FileSystem (>= 4.3)
      System.IO.FileSystem.Primitives (>= 4.3)
      System.Resources.ResourceManager (>= 4.3)
      System.Runtime (>= 4.3)
      System.Runtime.Extensions (>= 4.3)
      System.Runtime.Handles (>= 4.3)
      System.Runtime.InteropServices (>= 4.3)
      System.Runtime.Numerics (>= 4.3)
      System.Security.Cryptography.Algorithms (>= 4.3)
      System.Security.Cryptography.Cng (>= 4.3)
      System.Security.Cryptography.Csp (>= 4.3)
      System.Security.Cryptography.Encoding (>= 4.3)
      System.Security.Cryptography.OpenSsl (>= 4.3)
      System.Security.Cryptography.Primitives (>= 4.3)
      System.Text.Encoding (>= 4.3)
      System.Threading (>= 4.3)
    System.Security.Principal.Windows (4.5.1)
    System.Text.Encoding (4.3)
      Microsoft.NETCore.Platforms (>= 1.1)
      Microsoft.NETCore.Targets (>= 1.1)
      System.Runtime (>= 4.3)
    System.Text.Encoding.CodePages (4.5)
      System.Runtime.CompilerServices.Unsafe (>= 4.5)
    System.Text.Encoding.Extensions (4.3)
      Microsoft.NETCore.Platforms (>= 1.1)
      Microsoft.NETCore.Targets (>= 1.1)
      System.Runtime (>= 4.3)
      System.Text.Encoding (>= 4.3)
    System.Threading (4.3)
      System.Runtime (>= 4.3)
      System.Threading.Tasks (>= 4.3)
    System.Threading.Overlapped (4.3)
      Microsoft.NETCore.Platforms (>= 1.1)
      System.Resources.ResourceManager (>= 4.3)
      System.Runtime (>= 4.3)
      System.Runtime.Handles (>= 4.3)
    System.Threading.Tasks (4.3)
      Microsoft.NETCore.Platforms (>= 1.1)
      Microsoft.NETCore.Targets (>= 1.1)
      System.Runtime (>= 4.3)
    System.Threading.Tasks.Dataflow (4.9)
    System.Threading.Tasks.Extensions (4.5.1)
      System.Runtime.CompilerServices.Unsafe (>= 4.5)
    System.Threading.Thread (4.3)
      System.Runtime (>= 4.3)
    System.Threading.ThreadPool (4.3)
      System.Runtime (>= 4.3)
      System.Runtime.Handles (>= 4.3)
